GEM
  remote: https://rubygems.org/
  specs:
    inifile (3.0.0)
    uri (0.10.1)

PLATFORMS
  x64-mingw32

DEPENDENCIES
  inifile
  uri

BUNDLED WITH
   2.2.24
