GEM
  remote: https://rubygems.org/
  specs:
    colorize (0.8.1)
    faraday (1.8.0)
      faraday-em_http (~> 1.0)
      faraday-em_synchrony (~> 1.0)
      faraday-excon (~> 1.1)
      faraday-httpclient (~> 1.0.1)
      faraday-net_http (~> 1.0)
      faraday-net_http_persistent (~> 1.1)
      faraday-patron (~> 1.0)
      faraday-rack (~> 1.0)
      multipart-post (>= 1.2, < 3)
      ruby2_keywords (>= 0.0.4)
    faraday-em_http (1.0.0)
    faraday-em_synchrony (1.0.0)
    faraday-excon (1.1.0)
    faraday-httpclient (1.0.1)
    faraday-net_http (1.0.1)
    faraday-net_http_persistent (1.2.0)
    faraday-patron (1.0.0)
    faraday-rack (1.0.0)
    inifile (3.0.0)
    multipart-post (2.1.1)
    ruby2_keywords (0.0.5)
    uri (0.11.1)

PLATFORMS
  x64-mingw32
  x86_64-linux

DEPENDENCIES
  colorize (~> 0.8.1)
  faraday
  inifile
  uri

BUNDLED WITH
   2.2.24
