GEM
  remote: https://rubygems.org/
  specs:
    facter (4.2.5)
      hocon (~> 1.3)
      thor (>= 1.0.1, < 2.0)
    hocon (1.3.1)
    inifile (3.0.0)
    thor (1.1.0)
    uri (0.10.1)

PLATFORMS
  x64-mingw32

DEPENDENCIES
  facter (~> 4.2, >= 4.2.3)
  inifile
  uri

BUNDLED WITH
   2.2.24
