GEM
  specs:
    addressable (2.8.0)
      public_suffix (>= 2.0.2, < 5.0)
    down (5.2.2)
      addressable (~> 2.5)
    fileutils (1.4.1)
    prettier (1.6.1)
    public_suffix (4.0.6)

PLATFORMS
  x64-mingw32

DEPENDENCIES
  down (~> 5.0)
  fileutils
  prettier

BUNDLED WITH
   2.2.24
