GEM
  remote: https://rubygems.org/
  specs:
    addressable (2.8.0)
      public_suffix (>= 2.0.2, < 5.0)
    down (5.2.3)
      addressable (~> 2.8)
    file-utils (0.1.1)
    inifile (3.0.0)
    io-wait (0.1.0)
    net-http (0.1.1)
      net-protocol
      uri
    net-protocol (0.1.1)
      io-wait
      timeout
    public_suffix (4.0.6)
    timeout (0.1.1)
    uri (0.10.1)

PLATFORMS
  x64-mingw32

DEPENDENCIES
  down
  file-utils
  inifile
  net-http (~> 0.1.1)
  uri

BUNDLED WITH
   2.2.24
