GEM
  remote: https://rubygems.org/
  specs:
    colorize (0.8.1)
    inifile (3.0.0)
    uri (0.11.0)

PLATFORMS
  x64-mingw32

DEPENDENCIES
  colorize (~> 0.8.1)
  inifile
  uri

BUNDLED WITH
   2.2.24
